PATH
  remote: .
  specs:
    essence (1.0.1)
      dry-cli (>= 0.7, < 2)
      faraday (~> 2.13)

GEM
  remote: https://rubygems.org/
  specs:
    dry-cli (1.2.0)
    faraday (2.13.1)
      faraday-net_http (>= 2.0, < 3.5)
      json
      logger
    faraday-net_http (3.4.0)
      net-http (>= 0.5.0)
    json (2.11.3)
    logger (1.7.0)
    net-http (0.6.0)
      uri
    uri (1.0.3)

PLATFORMS
  arm64-darwin-23
  ruby

DEPENDENCIES
  essence!

BUNDLED WITH
   2.5.9
