PATH
  remote: .
  specs:
    essence (0.1.0)
      dry-cli (>= 0.7, < 2)
      phlex (>= 2.0.0.rc1)
      tailwind_merge (>= 0.13.3)

GEM
  remote: https://rubygems.org/
  specs:
    dry-cli (1.2.0)
    lru_redux (1.1.0)
    phlex (2.0.0.rc1)
    tailwind_merge (0.13.3)
      lru_redux (~> 1.1)

PLATFORMS
  arm64-darwin-23
  ruby

DEPENDENCIES
  essence!

BUNDLED WITH
   2.5.9
